GEM
  remote: https://rubygems.org/
  specs:
    highline (1.6.15)
    httparty (0.9.0)
      multi_json (~> 1.0)
      multi_xml
    multi_json (1.5.0)
    multi_xml (0.5.1)
    nokogiri (1.5.6)
    snoo (0.1.1)
      httparty
      nokogiri

PLATFORMS
  ruby

DEPENDENCIES
  highline
  snoo (>= 0.1.1)
